GEM
  specs:
    addressable (2.2.6)
    faraday (0.7.5)
      addressable (~> 2.2.6)
      multipart-post (~> 1.1.3)
      rack (>= 1.1.0, < 2)
    faraday_middleware (0.7.0)
      faraday (~> 0.7.3)
    multipart-post (1.1.3)
    rack (1.3.6)

PLATFORMS
  ruby

DEPENDENCIES
  faraday (>= 0.6, < 0.8)
  faraday_middleware (>= 0.6, < 0.8)
